GEM
  remote: https://rubygems.org/
  specs:
    commander-openflighthpc (2.2.0)
      highline (> 1.7.2)
      paint (~> 2.1.0)
      slop (~> 4.8)
    highline (2.0.3)
    paint (2.1.1)
    slop (4.9.2)

PLATFORMS
  ruby

DEPENDENCIES
  commander-openflighthpc (~> 2.2.0)

BUNDLED WITH
   2.1.4
